GIT
  remote: git://github.com/dany1468/flickr_fu.git
  revision: ed61cf9afe0a3f68e269f39e76444f8c2bdf90f9
  branch: for_ring_a_bell
  specs:
    flickr_fu (0.3.4)
      mime-types
      xml-magic

GEM
  remote: https://rubygems.org/
  specs:
    activesupport (4.2.6)
      i18n (~> 0.7)
      json (~> 1.7, >= 1.7.7)
      minitest (~> 5.1)
      thread_safe (~> 0.3, >= 0.3.4)
      tzinfo (~> 1.1)
    byebug (8.2.4)
    coderay (1.1.1)
    dotenv (2.1.1)
    i18n (0.7.0)
    json (1.8.3)
    mail (2.6.4)
      mime-types (>= 1.16, < 4)
    method_source (0.8.2)
    mime-types (3.0)
      mime-types-data (~> 3.2015)
    mime-types-data (3.2016.0221)
    minitest (5.8.4)
    pony (1.11)
      mail (>= 2.0)
    pry (0.10.3)
      coderay (~> 1.1.0)
      method_source (~> 0.8.1)
      slop (~> 3.4)
    pry-byebug (3.3.0)
      byebug (~> 8.0)
      pry (~> 0.10)
    rake (11.1.2)
    slop (3.6.0)
    thread_safe (0.3.5)
    tzinfo (1.2.2)
      thread_safe (~> 0.1)
    xml-magic (0.1.1)

PLATFORMS
  ruby

DEPENDENCIES
  activesupport
  dotenv
  flickr_fu!
  pony
  pry-byebug
  rake

BUNDLED WITH
   1.10.4
