GIT
  remote: git://github.com/dany1468/flickr_fu.git
  revision: ed61cf9afe0a3f68e269f39e76444f8c2bdf90f9
  branch: for_ring_a_bell
  specs:
    flickr_fu (0.3.4)
      mime-types
      xml-magic

GEM
  remote: https://rubygems.org/
  specs:
    activesupport (5.1.4)
      concurrent-ruby (~> 1.0, >= 1.0.2)
      i18n (~> 0.7)
      minitest (~> 5.1)
      tzinfo (~> 1.1)
    byebug (9.1.0)
    coderay (1.1.2)
    concurrent-ruby (1.0.5)
    dotenv (2.2.1)
    i18n (0.9.1)
      concurrent-ruby (~> 1.0)
    mail (2.6.6)
      mime-types (>= 1.16, < 4)
    method_source (0.9.0)
    mime-types (3.1)
      mime-types-data (~> 3.2015)
    mime-types-data (3.2016.0521)
    minitest (5.10.3)
    pony (1.11)
      mail (>= 2.0)
    power_assert (1.1.1)
    pry (0.11.3)
      coderay (~> 1.1.0)
      method_source (~> 0.9.0)
    pry-byebug (3.5.1)
      byebug (~> 9.1)
      pry (~> 0.10)
    rake (12.3.0)
    retriable (3.1.1)
    test-unit (3.2.7)
      power_assert
    thread_safe (0.3.6)
    tzinfo (1.2.4)
      thread_safe (~> 0.1)
    xml-magic (0.1.1)

PLATFORMS
  ruby

DEPENDENCIES
  activesupport
  dotenv
  flickr_fu!
  mail (< 2.7.0)
  pony
  pry-byebug
  rake
  retriable
  test-unit

RUBY VERSION
   ruby 2.4.1p111

BUNDLED WITH
   1.14.6
