GIT
  remote: git://github.com/dany1468/flickr_fu.git
  revision: ed61cf9afe0a3f68e269f39e76444f8c2bdf90f9
  branch: for_ring_a_bell
  specs:
    flickr_fu (0.3.4)
      mime-types
      xml-magic

GEM
  remote: https://rubygems.org/
  specs:
    activesupport (5.0.0)
      concurrent-ruby (~> 1.0, >= 1.0.2)
      i18n (~> 0.7)
      minitest (~> 5.1)
      tzinfo (~> 1.1)
    byebug (9.0.5)
    coderay (1.1.1)
    concurrent-ruby (1.0.2)
    dotenv (2.1.1)
    i18n (0.7.0)
    mail (2.6.4)
      mime-types (>= 1.16, < 4)
    method_source (0.8.2)
    mime-types (3.1)
      mime-types-data (~> 3.2015)
    mime-types-data (3.2016.0521)
    minitest (5.9.0)
    pony (1.11)
      mail (>= 2.0)
    power_assert (0.3.0)
    pry (0.10.4)
      coderay (~> 1.1.0)
      method_source (~> 0.8.1)
      slop (~> 3.4)
    pry-byebug (3.4.0)
      byebug (~> 9.0)
      pry (~> 0.10)
    rake (11.2.2)
    slop (3.6.0)
    test-unit (3.2.1)
      power_assert
    thread_safe (0.3.5)
    tzinfo (1.2.2)
      thread_safe (~> 0.1)
    xml-magic (0.1.1)

PLATFORMS
  ruby

DEPENDENCIES
  activesupport
  dotenv
  flickr_fu!
  pony
  pry-byebug
  rake
  test-unit

BUNDLED WITH
   1.12.3
